PATH
  remote: .
  specs:
    webmaster (0.0.0)
      faraday
      oauth2
      webmaster

GEM
  remote: http://rubygems.org/
  specs:
    activesupport (3.2.13)
      i18n (= 0.6.1)
      multi_json (~> 1.0)
    addressable (2.3.4)
    bourne (1.4.0)
      mocha (~> 0.13.2)
    crack (0.3.2)
    faraday (0.8.7)
      multipart-post (~> 1.1)
    git (1.2.5)
    httpauth (0.2.0)
    i18n (0.6.1)
    jeweler (1.8.4)
      bundler (~> 1.0)
      git (>= 1.2.5)
      rake
      rdoc
    json (1.7.7)
    jwt (0.1.8)
      multi_json (>= 1.5)
    libxml-ruby (2.6.0)
    metaclass (0.0.1)
    mocha (0.13.3)
      metaclass (~> 0.0.1)
    multi_json (1.7.2)
    multi_xml (0.5.3)
    multipart-post (1.2.0)
    oauth2 (0.9.1)
      faraday (~> 0.8)
      httpauth (~> 0.1)
      jwt (~> 0.1.4)
      multi_json (~> 1.0)
      multi_xml (~> 0.5)
      rack (~> 1.2)
    rack (1.5.2)
    rake (10.0.4)
    rdoc (4.0.1)
      json (~> 1.4)
    shoulda (3.4.0)
      shoulda-context (~> 1.0, >= 1.0.1)
      shoulda-matchers (~> 1.0, >= 1.4.1)
    shoulda-context (1.1.1)
    shoulda-matchers (1.5.6)
      activesupport (>= 3.0.0)
      bourne (~> 1.3)
    vcr (2.4.0)
    webmock (1.11.0)
      addressable (>= 2.2.7)
      crack (>= 0.3.2)

PLATFORMS
  ruby

DEPENDENCIES
  bundler
  faraday
  jeweler
  libxml-ruby
  oauth2
  rdoc
  shoulda
  vcr
  webmaster!
  webmock
